GEM
  remote: https://rubygems.org/
  specs:
    activesupport (5.2.4.2)
      concurrent-ruby (~> 1.0, >= 1.0.2)
      i18n (>= 0.7, < 2)
      minitest (~> 5.1)
      tzinfo (~> 1.1)
    aesthetic (0.1.0)
    bigdecimal (3.1.4)
    concurrent-ruby (1.2.2)
    discordrb (3.5.0)
      discordrb-webhooks (~> 3.5.0)
      ffi (>= 1.9.24)
      opus-ruby
      rest-client (>= 2.0.0)
      websocket-client-simple (>= 0.3.0)
    discordrb-webhooks (3.5.0)
      rest-client (>= 2.0.0)
    domain_name (0.5.20190701)
      unf (>= 0.0.5, < 1.0.0)
    event_emitter (0.2.6)
    ffi (1.16.3)
    flippy (0.1.3)
      optimist
      ruby-termios
    http-accept (1.7.0)
    http-cookie (1.0.5)
      domain_name (~> 0.5)
    i18n (1.14.1)
      concurrent-ruby (~> 1.0)
    mime-types (3.5.1)
      mime-types-data (~> 3.2015)
    mime-types-data (3.2023.1003)
    minitest (5.20.0)
    netrc (0.11.0)
    optimist (3.1.0)
    opus-ruby (1.0.1)
      ffi
    rest-client (2.1.0)
      http-accept (>= 1.7.0, < 2.0)
      http-cookie (>= 1.0.2, < 2.0)
      mime-types (>= 1.16, < 4.0)
      netrc (~> 0.8)
    ruby-termios (1.1.0)
    sequel (5.73.0)
      bigdecimal
    sqlite3 (1.6.7-x86_64-linux)
    talk_like_a_pirate (0.2.3)
      activesupport (>= 3.0.0, < 8.0)
      i18n
    thread_safe (0.3.6)
    tzinfo (1.2.11)
      thread_safe (~> 0.1)
    unf (0.1.4)
      unf_ext
    unf_ext (0.0.8.2)
    websocket (1.2.10)
    websocket-client-simple (0.8.0)
      event_emitter
      websocket
    zalgo (0.0.4)

PLATFORMS
  ruby

DEPENDENCIES
  activesupport (= 5.2.4.2)!
  aesthetic!
  discordrb!
  flippy!
  sequel!
  sqlite3!
  talk_like_a_pirate!
  zalgo!

BUNDLED WITH
   2.1.4
